GIT
  remote: https://github.com/haruyama/facwparser.git
  revision: c9c09602caba755aea3d9eb10ca4ede6a059e035
  branch: v0.1.0
  specs:
    facwparser (0.1.0)

GIT
  remote: https://github.com/haruyama/ruby-git.git
  revision: 06379272abf6ab22df9a6f797127f1fc7a4c896a
  specs:
    git (1.2.6)

GEM
  remote: http://rubygems.org/
  specs:
    backports (3.1.1)
    daemons (1.1.9)
    eventmachine (1.0.3)
    rack (1.5.2)
    rack-protection (1.5.0)
      rack
    rack-test (0.6.2)
      rack (>= 1.0)
    rack_csrf (2.4.0)
      rack (>= 0.9)
    sinatra (1.3.6)
      rack (~> 1.4)
      rack-protection (~> 1.3)
      tilt (~> 1.3, >= 1.3.3)
    sinatra-content-for (0.1)
      sinatra
    sinatra-contrib (1.3.2)
      backports (>= 2.0)
      eventmachine
      rack-protection
      rack-test
      sinatra (~> 1.3.0)
      tilt (~> 1.3)
    sinatra-reloader (1.0)
      sinatra-contrib
    thin (1.5.1)
      daemons (>= 1.0.9)
      eventmachine (>= 0.12.6)
      rack (>= 1.0.0)
    tilt (1.3.6)

PLATFORMS
  ruby

DEPENDENCIES
  facwparser!
  git!
  rack_csrf
  sinatra
  sinatra-content-for
  sinatra-reloader
  thin
