GIT
  remote: https://github.com/haruyama/facwparser.git
  revision: cff716170a1bfdec0d150864c9269a7c32c57ecf
  branch: v0.1.0
  specs:
    facwparser (0.1.0)

GIT
  remote: https://github.com/haruyama/ruby-git.git
  revision: 7fcfc7ac6a22311e36ac63b1909820cfda1efb0a
  specs:
    git (1.2.6)

GEM
  remote: http://rubygems.org/
  specs:
    backports (3.3.1)
    daemons (1.1.9)
    eventmachine (1.0.3)
    rack (1.5.2)
    rack-protection (1.5.0)
      rack
    rack-test (0.6.2)
      rack (>= 1.0)
    rack_csrf (2.4.0)
      rack (>= 0.9)
    sinatra (1.4.2)
      rack (~> 1.5, >= 1.5.2)
      rack-protection (~> 1.4)
      tilt (~> 1.3, >= 1.3.4)
    sinatra-contrib (1.4.0)
      backports (>= 2.0)
      eventmachine
      rack-protection
      rack-test
      sinatra (~> 1.4.2)
      tilt (~> 1.3)
    thin (1.5.1)
      daemons (>= 1.0.9)
      eventmachine (>= 0.12.6)
      rack (>= 1.0.0)
    tilt (1.4.1)

PLATFORMS
  ruby

DEPENDENCIES
  facwparser!
  git!
  rack_csrf
  sinatra
  sinatra-contrib
  thin
