GIT
  remote: https://github.com/haruyama/facwparser.git
  revision: 69445fe62ed92263cac88cfc0bb59756549e9ae6
  specs:
    facwparser (0.0.1)

GIT
  remote: https://github.com/haruyama/ruby-git.git
  revision: e16625b7ff43df2aa1fcf62f7fb8624563751977
  specs:
    git (1.2.6)

GEM
  remote: http://rubygems.org/
  specs:
    daemons (1.1.9)
    eventmachine (1.0.0)
    rack (1.5.2)
    rack-protection (1.3.2)
      rack
    rack_csrf (2.4.0)
      rack (>= 0.9)
    rubypants (0.2.0)
    shotgun (0.9)
      rack (>= 1.0)
    sinatra (1.3.4)
      rack (~> 1.4)
      rack-protection (~> 1.3)
      tilt (~> 1.3, >= 1.3.3)
    sinatra-content-for (0.1)
      sinatra
    thin (1.5.0)
      daemons (>= 1.0.9)
      eventmachine (>= 0.12.6)
      rack (>= 1.0.0)
    tilt (1.3.3)

PLATFORMS
  ruby

DEPENDENCIES
  facwparser!
  git!
  rack_csrf
  rubypants
  shotgun
  sinatra
  sinatra-content-for
  thin
